GEM
  remote: https://rubygems.org/
  specs:
    activesupport (3.2.13)
      i18n (= 0.6.1)
      multi_json (~> 1.0)
    i18n (0.6.1)
    json (1.7.7)
    mime-types (1.21)
    multi_json (1.7.2)
    rest-client (1.6.7)
      mime-types (>= 1.16)

PLATFORMS
  ruby

DEPENDENCIES
  activesupport
  json
  rest-client
